GEM
  remote: http://rubygems.org/
  specs:
    bson (1.6.2)
    jruby-jars (1.6.7.2)
    jruby-rack (1.1.7)
    mongo (1.6.2)
      bson (~> 1.6.2)
    rack (1.6.13)
    rack-protection (1.2.0)
      rack
    rake (0.9.2.2)
    rubyzip (0.9.9)
    sinatra (1.3.2)
      rack (~> 1.3, >= 1.3.6)
      rack-protection (~> 1.2)
      tilt (~> 1.3, >= 1.3.3)
    tilt (1.3.3)
    trinidad (1.4.0)
      jruby-rack (>= 1.1.7)
      trinidad_jars (>= 1.0.5)
    trinidad_jars (1.0.5)
    warbler (1.3.5)
      jruby-jars (>= 1.4.0)
      jruby-rack (>= 1.0.0)
      rake (>= 0.8.7)
      rubyzip (>= 0.9.4)

PLATFORMS
  ruby

DEPENDENCIES
  mongo
  rake
  sinatra
  trinidad
  warbler
