PATH
  remote: ../admin-tools/approval
  specs:
    approval (0.0.1)

GEM
  remote: http://rubygems.org/
  specs:
    activesupport (3.0.0)
    addressable (2.3.5)
    archive-tar-minitar (0.5.2)
    bson (1.10.1)
    bson_ext (1.10.1)
      bson (~> 1.10.1)
    builder (3.0.0)
    capybara (2.2.1)
      mime-types (>= 1.16)
      nokogiri (>= 1.3.3)
      rack (>= 1.0.0)
      rack-test (>= 0.5.4)
      xpath (~> 2.0)
    capybara-screenshot (0.3.17)
      capybara (>= 1.0, < 3)
      launchy
    childprocess (0.5.3)
      ffi (~> 1.0, >= 1.0.11)
    clbustos-rtf (0.4.2)
    coderay (1.1.0)
    colorize (0.7.2)
    cucumber (1.2.1)
      builder (>= 2.1.2)
      diff-lcs (>= 1.1.3)
      gherkin (~> 2.11.0)
      json (>= 1.4.6)
    diff-lcs (1.1.3)
    dirty-memoize (0.0.4)
    distribution (0.7.0)
    extendmatrix (0.3.1)
    faraday (0.8.4)
      multipart-post (~> 1.1)
    fastercsv (1.5.5)
    ffi (1.0.11)
    gherkin (2.11.2)
      json (>= 1.4.6)
    gherkin (2.11.2-x86-mingw32)
      json (>= 1.4.6)
    headless (1.0.1)
    httpauth (0.1)
    i18n (0.6.0)
    java_properties (0.0.4)
    json (1.6.2)
    jwt (0.1.5)
      multi_json (>= 1.0)
    launchy (2.4.2)
      addressable (~> 2.3)
    macaddr (1.6.1)
      systemu (~> 2.5.0)
    mail (2.4.4)
      i18n (>= 0.4.0)
      mime-types (~> 1.16)
      treetop (~> 1.4.8)
    method_source (0.8.2)
    mime-types (1.19)
    mini_portile2 (2.1.0)
    minimization (0.2.1)
      text-table (~> 1.2)
    mongo (1.10.1)
      bson (~> 1.10.1)
    multi_json (1.8.2)
    multipart-post (1.1.5)
    mustache (0.99.4)
    net-ldap (0.3.1)
    net-sftp (2.0.5)
      net-ssh (>= 2.0.9)
    net-ssh (2.5.2)
    nokogiri (1.6.8.1)
      mini_portile2 (~> 2.1.0)
    nokogiri (1.6.8.1-x86-mingw32)
      mini_portile2 (~> 2.1.0)
    oauth2 (0.8.0)
      faraday (~> 0.8)
      httpauth (~> 0.1)
      jwt (~> 0.1.4)
      multi_json (~> 1.0)
      rack (~> 1.2)
    polyglot (0.3.3)
    prawn (0.8.4)
      prawn-core (>= 0.8.4, < 0.9)
      prawn-layout (>= 0.8.4, < 0.9)
      prawn-security (>= 0.8.4, < 0.9)
    prawn-core (0.8.4)
    prawn-layout (0.8.4)
    prawn-security (0.8.4)
    prawn-svg (0.9.1.11)
      prawn (>= 0.8.4)
    pry (0.9.12.6)
      coderay (~> 1.0)
      method_source (~> 0.8)
      slop (~> 3.4)
    pry (0.9.12.6-x86-mingw32)
      coderay (~> 1.0)
      method_source (~> 0.8)
      slop (~> 3.4)
      win32console (~> 1.3)
    rack (1.4.1)
    rack-test (0.6.2)
      rack (>= 1.0)
    rake (0.9.2.2)
    reportbuilder (1.4.2)
      clbustos-rtf (~> 0.4.0)
      prawn (~> 0.8.4)
      prawn-svg (~> 0.9.1)
      text-table (~> 1.2)
    rest-client (1.6.7)
      mime-types (>= 1.16)
    rserve-client (0.2.5)
    rspec (2.11.0)
      rspec-core (~> 2.11.0)
      rspec-expectations (~> 2.11.0)
      rspec-mocks (~> 2.11.0)
    rspec-core (2.11.1)
    rspec-expectations (2.11.2)
      diff-lcs (~> 1.1.3)
    rspec-mocks (2.11.2)
    ruby-ole (1.2.11.4)
    rubyvis (0.5.2)
    rubyzip (1.1.3)
    rumbster (1.0.2)
      mail
    selenium-webdriver (2.38.0)
      childprocess (>= 0.2.5)
      multi_json (~> 1.0)
      rubyzip (~> 1.0)
      websocket (~> 1.0.4)
    simplecov (0.6.4)
      multi_json (~> 1.0)
      simplecov-html (~> 0.5.3)
    simplecov-html (0.5.3)
    slop (3.5.0)
    spreadsheet (0.6.9)
      ruby-ole (>= 1.0)
    statsample (1.2.0)
      dirty-memoize (~> 0.0)
      distribution (~> 0.6)
      extendmatrix (~> 0.3.1)
      fastercsv (> 0)
      minimization (~> 0.2.0)
      reportbuilder (~> 1.4)
      rserve-client (~> 0.2.5)
      rubyvis (~> 0.5)
      spreadsheet (~> 0.6.5)
      statsample-bivariate-extension (> 0)
    statsample-bivariate-extension (1.1.0)
      distribution (~> 0.6)
    stomp (1.2.6)
    systemu (2.5.2)
    text-table (1.2.2)
    treetop (1.4.10)
      polyglot
      polyglot (>= 0.3.1)
    uuidtools (2.1.3)
    websocket (1.0.7)
    win32console (1.3.2-x86-mingw32)
    xpath (2.0.0)
      nokogiri (~> 1.3)

PLATFORMS
  ruby
  x86-mingw32

DEPENDENCIES
  activesupport
  approval!
  archive-tar-minitar
  bson_ext (= 1.10.1)
  builder
  capybara
  capybara-screenshot
  colorize
  cucumber
  ffi (= 1.0.11)
  headless
  java_properties
  json (= 1.6.2)
  macaddr
  mongo (= 1.10.1)
  mustache
  net-ldap
  net-sftp
  net-ssh
  nokogiri
  oauth2
  pry
  rake
  rest-client
  rspec
  rumbster
  selenium-webdriver (= 2.38.0)
  simplecov
  statsample
  stomp
  uuidtools
