GEM
  remote: https://rubygems.org/
  specs:
    net-ldap (0.16.2)

PLATFORMS
  ruby

DEPENDENCIES
  net-ldap (= 0.16.2)
